GEM
  remote: https://rubygems.org/
  specs:
    CFPropertyList (2.2.1)
    activemodel (4.0.0)
      activesupport (= 4.0.0)
      builder (~> 3.1.0)
    activerecord (4.0.0)
      activemodel (= 4.0.0)
      activerecord-deprecated_finders (~> 1.0.2)
      activesupport (= 4.0.0)
      arel (~> 4.0.0)
    activerecord-deprecated_finders (1.0.4)
    activerecord-jdbc-adapter (1.3.2)
      activerecord (>= 2.2)
    activerecord-jdbcsqlite3-adapter (1.3.2)
      activerecord-jdbc-adapter (~> 1.3.2)
      jdbc-sqlite3 (~> 3.7.2)
    activerecord-oracle_enhanced-adapter (1.5.1)
    activesupport (4.0.0)
      i18n (~> 0.6, >= 0.6.4)
      minitest (~> 4.2)
      multi_json (~> 1.3)
      thread_safe (~> 0.1)
      tzinfo (~> 0.3.37)
    addressable (2.3.5)
    akami (1.2.0)
      gyoku (>= 0.4.0)
      nokogiri (>= 1.4.0)
    arel (4.0.2)
    atomic (1.1.13-java)
    blankslate (2.1.2.4)
    browsermob-proxy (0.1.8)
      childprocess (~> 0.5)
      har
      multi_json (~> 1.0)
      rest-client
    builder (3.1.0)
    calabash-common (0.0.1)
      cucumber (~> 1.3.0)
    childprocess (0.5.1)
      ffi (~> 1.0, >= 1.0.11)
    coderay (1.1.1)
    columnize (0.9.0)
    countries (1.2.5)
      currencies (~> 0.4.2)
      i18n_data (~> 0.7.0)
    cucumber (1.3.1)
      builder (>= 2.1.2)
      diff-lcs (>= 1.1.3)
      gherkin (~> 2.12.0)
      multi_json (~> 1.3)
    cucumber_analytics (1.5.1)
      gherkin
      json (~> 1.0)
      multi_json (~> 1.0)
    cuke_sniffer (0.0.7)
      roxml
    currencies (0.4.2)
    data_magic (0.15.2)
      faker (>= 1.1.2)
      yml_reader (>= 0.2)
    diff-lcs (1.1.3)
    edn (1.0.2)
      parslet (~> 1.4.0)
    faker (1.2.0)
      i18n (~> 0.5)
    ffi (1.9.0-java)
    geocoder (1.1.8)
    geokit (1.10.0)
    gherkin (2.12.0-java)
      multi_json (~> 1.3)
    gyoku (1.1.0)
      builder (>= 2.1.2)
    har (0.0.9)
      jschematic (>= 0.1.0)
      json
      launchy (>= 0.3.7)
    httparty (0.10.0)
      multi_json (~> 1.0)
      multi_xml
    httpclient (2.3.4.1)
    httpi (2.2.3)
      rack
    i18n (0.6.5)
    i18n_data (0.7.0)
    jdbc-sqlite3 (3.7.2.1)
    jruby-pageant (1.1.1-java)
    jschematic (0.1.0)
      addressable
    json (1.8.3-java)
    launchy (2.3.0)
      addressable (~> 2.3)
    linecache (1.3.1-java)
    location-one (0.0.10)
      geocoder (~> 1.1)
      httpclient (~> 2.3.3)
      json
    logger (1.2.8)
    macaddr (1.6.1)
      systemu (~> 2.5.0)
    memoist (0.14.0)
    method_source (0.8.2)
    mime-types (1.24)
    mini_magick (3.5.0)
      subexec (~> 0.2.1)
    minitest (4.7.5)
    multi_json (1.7.9)
    multi_xml (0.5.5)
    net-http-persistent (2.9)
    net-ssh (2.6.8)
    nokogiri (1.6.8-java)
    nori (2.4.0)
    page-object (0.9.2)
      page_navigation (>= 0.8)
      selenium-webdriver (>= 2.35.0)
      watir-webdriver (>= 0.6.4)
    page_navigation (0.9)
      data_magic (>= 0.14)
    parslet (1.4.0)
      blankslate (~> 2.0)
    pry (0.10.3-java)
      coderay (~> 1.1.0)
      method_source (~> 0.8.1)
      slop (~> 3.4)
      spoon (~> 0.0)
    pry-nav (0.2.4)
      pry (>= 0.9.10, < 0.11.0)
    rack (1.5.2)
    rack-protection (1.5.0)
      rack
    rack-test (0.6.2)
      rack (>= 1.0)
    rake (0.9.2.2)
    random_data (1.6.0)
    rautomation (0.17.0)
      ffi (~> 1.9.0)
    require_all (1.2.1)
    rest-client (1.6.7)
      mime-types (>= 1.16)
    roodi (4.0.0)
      ruby_parser (~> 3.2, >= 3.2.2)
    roxml (3.3.1)
      activesupport (>= 2.3.0)
      nokogiri (>= 1.3.3)
    rspec (2.12.0)
      rspec-core (~> 2.12.0)
      rspec-expectations (~> 2.12.0)
      rspec-mocks (~> 2.12.0)
    rspec-core (2.12.2)
    rspec-expectations (2.12.1)
      diff-lcs (~> 1.1.3)
    rspec-mocks (2.12.2)
    ruby-debug (0.10.6)
      columnize (>= 0.1)
      linecache (~> 1.3.1)
      ruby-debug-base (~> 0.10.6.0)
    ruby-debug-base (0.10.6-java)
    ruby_parser (3.8.2)
      sexp_processor (~> 4.1)
    rubyzip (1.2.0)
    run_loop (0.2.1)
      json
      thor
    savon (2.6.0)
      akami (~> 1.2.0)
      builder (>= 2.1.2)
      gyoku (~> 1.1.0)
      httpi (~> 2.2.3)
      nokogiri (>= 1.4.0)
      nori (~> 2.4.0)
      uuid (~> 2.3.7)
      wasabi (~> 3.3.0)
    selenium-client (1.2.18)
    selenium-webdriver (2.53.3)
      childprocess (~> 0.5)
      rubyzip (~> 1.0)
      websocket (~> 1.0)
    sexp_processor (4.7.0)
    sim_launcher (0.4.11)
      sinatra
    sinatra (1.4.3)
      rack (~> 1.4)
      rack-protection (~> 1.4)
      tilt (~> 1.3, >= 1.3.4)
    slop (3.6.0)
    slowhandcuke (0.0.3)
      cucumber
    spoon (0.0.4)
      ffi
    subexec (0.2.3)
    syntax (1.0.0)
    systemu (2.5.2)
    thor (0.18.1)
    thread_safe (0.1.2-java)
      atomic
    tilt (1.4.1)
    tzinfo (0.3.37)
    uuid (2.3.7)
      macaddr (~> 1.0)
    wasabi (3.3.0)
      httpi (~> 2.0)
      mime-types (< 2.0.0)
      nokogiri (>= 1.4.0)
    watir-webdriver (0.9.1)
      selenium-webdriver (>= 2.46.2)
    websocket (1.0.7)
    win32screenshot (1.0.10)
      ffi (~> 1.0)
      mini_magick (~> 3.5.0)
      rautomation (~> 0.7)
    xpath (0.1.4)
      nokogiri (~> 1.3)
    yard (0.8.7)
    yml_reader (0.2)

PLATFORMS
  java

DEPENDENCIES
  CFPropertyList (= 2.2.1)
  activerecord (= 4.0.0)
  activerecord-jdbc-adapter (= 1.3.2)
  activerecord-jdbcsqlite3-adapter (= 1.3.2)
  activerecord-oracle_enhanced-adapter (= 1.5.1)
  activesupport (= 4.0.0)
  addressable (= 2.3.5)
  akami (= 1.2.0)
  atomic (= 1.1.13)
  blankslate (= 2.1.2.4)
  browsermob-proxy (= 0.1.8)
  builder (= 3.1.0)
  calabash-common (= 0.0.1)
  childprocess (= 0.5.1)
  countries
  cucumber (= 1.3.1)
  cucumber_analytics (= 1.5.1)
  cuke_sniffer (= 0.0.7)
  data_magic (= 0.15.2)
  diff-lcs (= 1.1.3)
  edn (= 1.0.2)
  faker (= 1.2.0)
  ffi (= 1.9.0)
  geocoder (= 1.1.8)
  geokit
  gherkin (= 2.12.0)
  gyoku (= 1.1.0)
  har (= 0.0.9)
  httparty (= 0.10.0)
  httpclient (= 2.3.4.1)
  httpi (= 2.2.3)
  i18n (= 0.6.5)
  jruby-pageant (= 1.1.1)
  jschematic (= 0.1.0)
  launchy (= 2.3.0)
  location-one (= 0.0.10)
  logger (= 1.2.8)
  macaddr (= 1.6.1)
  memoist
  mime-types (= 1.24)
  minitest (= 4.7.5)
  multi_json (= 1.7.9)
  multi_xml (= 0.5.5)
  net-http-persistent (= 2.9)
  net-ssh (= 2.6.8)
  nori (= 2.4.0)
  page-object (= 0.9.2)
  page_navigation (= 0.9)
  parslet (= 1.4.0)
  pry
  pry-nav
  rack (= 1.5.2)
  rack-protection (= 1.5.0)
  rack-test (= 0.6.2)
  rake (= 0.9.2.2)
  random_data (= 1.6.0)
  require_all (= 1.2.1)
  rest-client (= 1.6.7)
  roodi (= 4.0.0)
  roxml (= 3.3.1)
  rspec (= 2.12.0)
  rspec-core (= 2.12.2)
  rspec-expectations (= 2.12.1)
  rspec-mocks (= 2.12.2)
  ruby-debug
  run_loop (= 0.2.1)
  savon (= 2.6.0)
  selenium-client (= 1.2.18)
  selenium-webdriver (~> 2.46)
  sim_launcher (= 0.4.11)
  sinatra (= 1.4.3)
  slowhandcuke (= 0.0.3)
  syntax (= 1.0.0)
  systemu (= 2.5.2)
  thor (= 0.18.1)
  thread_safe (= 0.1.2)
  tilt (= 1.4.1)
  tzinfo (= 0.3.37)
  uuid (= 2.3.7)
  wasabi (= 3.3.0)
  websocket (= 1.0.7)
  win32screenshot (= 1.0.10)
  xpath (= 0.1.4)
  yard (= 0.8.7)
  yml_reader (= 0.2)

BUNDLED WITH
   1.12.5
